PATH
  remote: .
  specs:
    pokemones (0.1.0)
      httparty
      json

GEM
  remote: https://rubygems.org/
  specs:
    httparty (0.17.3)
      mime-types (~> 3.0)
      multi_xml (>= 0.5.2)
    json (2.2.0)
    mime-types (3.3.1)
      mime-types-data (~> 3.2015)
    mime-types-data (3.2019.1009)
    minitest (5.14.0)
    multi_xml (0.6.0)
    rake (12.3.3)

PLATFORMS
  ruby

DEPENDENCIES
  minitest (~> 5.0)
  pokemones!
  rake (~> 12.0)

BUNDLED WITH
   2.1.4
